PATH
  remote: .
  specs:
    tvd-unicorn (0.0.9)
      microwave

GEM
  remote: http://rubygems.org/
  specs:
    erubis (2.7.0)
    fast_xs (0.8.0)
    hike (1.2.1)
    json (1.5.4)
    marathon (0.0.3)
    microwave (0.1006.29)
      erubis
      fast_xs
      hike
      json (>= 1.4.4, <= 1.5.4)
      mixlib-cli (>= 1.1.0)
      mixlib-config (>= 1.1.2)
      mixlib-log (>= 1.3.0)
      moneta
      sdoc
      surface
      uuidtools
    mixlib-cli (1.2.2)
    mixlib-config (1.1.2)
    mixlib-log (1.4.1)
    moneta (0.6.0)
    rdoc (3.12)
      json (~> 1.4)
    sdoc (0.3.16)
      json (>= 1.1.3)
      rdoc (~> 3.10)
    surface (0.0.5)
      marathon
    uuidtools (2.1.3)

PLATFORMS
  ruby

DEPENDENCIES
  tvd-unicorn!
